PATH
  remote: .
  specs:
    reflekt (1.0.7)
      rowdb

GEM
  remote: https://rubygems.org/
  specs:
    oj (3.10.17)
    rowdb (0.6.3)
      oj
      rudash
    rudash (4.1.2)

PLATFORMS
  ruby

DEPENDENCIES
  reflekt!

BUNDLED WITH
   2.1.4
